PATH
  remote: ../dms-core
  specs:
    dms-core (0.0.0)
      ffi-rzmq (~> 0.9.3)
      logging (~> 1.6.2)
      msgpack (~> 0.4.6)

GEM
  remote: http://rubygems.org/
  specs:
    activesupport (3.2.3)
      i18n (~> 0.6)
      multi_json (~> 1.0)
    addressable (2.2.8)
    builder (3.0.0)
    capybara (1.1.2)
      mime-types (>= 1.16)
      nokogiri (>= 1.3.3)
      rack (>= 1.0.0)
      rack-test (>= 0.5.4)
      selenium-webdriver (~> 2.0)
      xpath (~> 0.1.4)
    capybara-json (0.2.1)
      capybara
      httpclient (~> 2.2)
      multi_json (~> 1.3)
    childprocess (0.3.2)
      ffi (~> 1.0.6)
    cli (1.1.1)
    commonjs (0.2.5)
    cuba (3.0.0)
      rack
    cucumber (1.1.9)
      builder (>= 2.1.2)
      diff-lcs (>= 1.1.2)
      gherkin (~> 2.9.0)
      json (>= 1.4.6)
      term-ansicolor (>= 1.0.6)
    diff-lcs (1.1.3)
    facter (1.6.7)
    ffi (1.0.11)
    ffi-rzmq (0.9.3)
      ffi
    gherkin (2.9.3)
      json (>= 1.4.6)
    git (1.2.5)
    haml (2.2.24)
    hike (1.2.1)
    httpclient (2.2.5)
    i18n (0.6.0)
    jeweler (1.8.3)
      bundler (~> 1.0)
      git (>= 1.2.5)
      rake
      rdoc
    json (1.6.6)
    less (2.1.0)
      commonjs (~> 0.2.0)
      therubyracer (~> 0.10.0)
    libv8 (3.3.10.4)
    libwebsocket (0.1.3)
      addressable
    little-plugger (1.1.3)
    logging (1.6.2)
      little-plugger (>= 1.1.3)
    mime-types (1.18)
    msgpack (0.4.6)
    multi_json (1.3.2)
    nokogiri (1.5.4)
    rack (1.4.1)
    rack-test (0.6.1)
      rack (>= 1.0)
    rake (0.9.2.2)
    rdoc (3.12)
      json (~> 1.4)
    rspec (2.8.0)
      rspec-core (~> 2.8.0)
      rspec-expectations (~> 2.8.0)
      rspec-mocks (~> 2.8.0)
    rspec-core (2.8.0)
    rspec-expectations (2.8.0)
      diff-lcs (~> 1.1.2)
    rspec-mocks (2.8.0)
    ruby-ip (0.9.1)
    rubyzip (0.9.8)
    selenium-webdriver (2.22.2)
      childprocess (>= 0.2.5)
      ffi (~> 1.0)
      libwebsocket (~> 0.1.3)
      multi_json (~> 1.0)
      rubyzip
    simplecov (0.6.1)
      multi_json (~> 1.0)
      simplecov-html (~> 0.5.3)
    simplecov-html (0.5.3)
    sprockets (2.0.4)
      hike (~> 1.2)
      rack (~> 1.0)
      tilt (~> 1.1, != 1.3.0)
    term-ansicolor (1.0.7)
    therubyracer (0.10.1)
      libv8 (~> 3.3.10)
    tilt (1.3.3)
    tnetstring (0.3.4)
    xpath (0.1.4)
      nokogiri (~> 1.3)

PLATFORMS
  ruby

DEPENDENCIES
  activesupport (~> 3.0)
  bundler (~> 1.1)
  capybara (~> 1.1)
  capybara-json (~> 0.2)
  cli (~> 1.1.1)
  cuba (~> 3.0)
  cucumber
  dms-core!
  facter (~> 1.6.5)
  haml (~> 2.1)
  jeweler (~> 1.8.3)
  less (~> 2.1)
  multi_json (~> 1.3)
  rdoc (~> 3.12)
  rspec (~> 2.8.0)
  ruby-ip (~> 0.9)
  simplecov
  sprockets (~> 2.0)
  tilt (~> 1.3)
  tnetstring (~> 0.3.4)
